GEM
  specs:
    haml (4.0.0)
      tilt
    nokogiri (1.5.5)
    rack (1.4.5)
    rack-protection (1.3.2)
      rack
    sinatra (1.3.4)
      rack (~> 1.4)
      rack-protection (~> 1.3)
      tilt (~> 1.3, >= 1.3.3)
    tilt (1.3.5)

PLATFORMS
  ruby

DEPENDENCIES
  haml
  nokogiri
  sinatra
